GEM
  remote: https://rubygems.org/
  specs:
    concurrent-ruby (1.1.6)
    rack (2.2.6.2)
    sprockets (4.0.0)
      concurrent-ruby (~> 1.0)
      rack (> 1, < 3)

PLATFORMS
  ruby

DEPENDENCIES
  sprockets

BUNDLED WITH
   2.1.4
